PATH
  remote: ../../..
  specs:
    motion-kit (0.9.4)
      dbt

GEM
  remote: https://rubygems.org/
  specs:
    dbt (1.1.4)
    rake (10.3.1)

PLATFORMS
  ruby

DEPENDENCIES
  motion-kit!
  rake
