PATH
  remote: .
  specs:
    motion-kit (0.9.5)

GEM
  remote: https://rubygems.org/
  specs:
    motion-redgreen (0.1.0)
    rake (10.3.1)

PLATFORMS
  ruby

DEPENDENCIES
  motion-kit!
  motion-redgreen
  rake
