PATH
  remote: ../../..
  specs:
    motion-kit (0.9.4)
      dbt

GEM
  remote: https://rubygems.org/
  specs:
    dbt (1.1.4)
    motion-firebase (2.0.10)
    rake (10.3.1)
    sugarcube (1.6.0)

PLATFORMS
  ruby

DEPENDENCIES
  motion-firebase
  motion-kit!
  rake
  sugarcube
